PATH
  remote: .
  specs:
    pltt (0.1.0)
      bootsnap
      gitlab (~> 4.4.0)
      hashids
      oj
      thor

GEM
  remote: https://rubygems.org/
  specs:
    bootsnap (1.3.0)
      msgpack (~> 1.0)
    coderay (1.1.2)
    gitlab (4.4.0)
      httparty (>= 0.14.0)
      terminal-table (>= 1.5.1)
    hashids (1.0.4)
    httparty (0.16.2)
      multi_xml (>= 0.5.2)
    method_source (0.9.0)
    msgpack (1.2.4)
    multi_xml (0.6.0)
    oj (3.6.2)
    pry (0.11.3)
      coderay (~> 1.1.0)
      method_source (~> 0.9.0)
    rake (10.5.0)
    terminal-table (1.8.0)
      unicode-display_width (~> 1.1, >= 1.1.1)
    thor (0.20.0)
    unicode-display_width (1.4.0)

PLATFORMS
  ruby

DEPENDENCIES
  bundler (~> 1.16)
  pltt!
  pry
  rake (~> 10.0)

BUNDLED WITH
   1.16.2
